PATH
  remote: .
  specs:
    rayyan-formats-plugins (0.0.1)
      bibtex-ruby (~> 4.4)
      docx (~> 0.2.0)
      rayyan-formats-core (~> 0.0.1)
      ref_parsers (~> 0.0.1)

GEM
  remote: https://rubygems.org/
  specs:
    bibtex-ruby (4.4.3)
      latex-decode (~> 0.0)
    docx (0.2.07)
      nokogiri (~> 1.5)
      rubyzip (~> 1.1.6)
    latex-decode (0.2.2)
      unicode (~> 0.4)
    mini_portile2 (2.1.0)
    nokogiri (1.7.1)
      mini_portile2 (~> 2.1.0)
    rake (0.9.6)
    rayyan-formats-core (0.0.1)
    ref_parsers (0.0.12)
    rubyzip (1.1.7)
    unicode (0.4.4.2)

PLATFORMS
  ruby

DEPENDENCIES
  bibtex-ruby
  bundler (~> 1.3)
  docx (~> 0.2.07)
  rake (~> 0)
  rayyan-formats-core
  rayyan-formats-plugins!
  ref_parsers

BUNDLED WITH
   1.14.2
