PATH
  remote: .
  specs:
    rayyan-formats-plugins (0.0.1)

GEM
  remote: https://rubygems.org/
  specs:
    rake (0.9.6)

PLATFORMS
  ruby

DEPENDENCIES
  bundler (~> 1.3)
  rake (~> 0)
  rayyan-formats-plugins!

BUNDLED WITH
   1.14.2
