PATH
  remote: ../rayyan-formats-core
  specs:
    rayyan-formats-core (0.0.1)

PATH
  remote: .
  specs:
    rayyan-formats-plugins (0.0.1)
      bibtex-ruby
      rayyan-formats-core
      ref_parsers

GEM
  remote: https://rubygems.org/
  specs:
    bibtex-ruby (4.4.3)
      latex-decode (~> 0.0)
    latex-decode (0.2.2)
      unicode (~> 0.4)
    rake (0.9.6)
    ref_parsers (0.0.11)
    unicode (0.4.4.2)

PLATFORMS
  ruby

DEPENDENCIES
  bibtex-ruby
  bundler (~> 1.3)
  rake (~> 0)
  rayyan-formats-core!
  rayyan-formats-plugins!
  ref_parsers

BUNDLED WITH
   1.14.2
